GEM
  remote: http://rubygems.org/
  specs:
    columnize (0.9.0)
    debugger (1.6.8)
      columnize (>= 0.3.1)
      debugger-linecache (~> 1.2.0)
      debugger-ruby_core_source (~> 1.3.5)
    debugger-linecache (1.2.0)
    debugger-ruby_core_source (1.3.8)
    json (1.8.3)

PLATFORMS
  ruby

DEPENDENCIES
  debugger
  json

BUNDLED WITH
   1.11.2
